GEM
  remote: https://rubygems.org/
  specs:
    image_size (2.0.2)
    md2review (1.12.1)
      redcarpet (> 2.0.0)
    rake (12.3.3)
    redcarpet (3.5.0)
    review (3.2.0)
      image_size
      rouge
      rubyzip
    rouge (3.11.1)
    rubyzip (2.0.0)

PLATFORMS
  ruby

DEPENDENCIES
  md2review
  rake
  review (= 3.2.0)

BUNDLED WITH
   1.17.3
